GEM
  specs:
    bandwidth-sdk (6.0.0)
      builder (~> 3.2.4)
      certifi (~> 2018.1, >= 2018.01.18)
      faraday (~> 1.0, >= 1.0.1)
      faraday-http-cache (~> 2.2)
      faraday_middleware (~> 1.0)
      logging (~> 2.3)
    builder (3.2.4)
    certifi (2018.01.18)
    faraday (1.3.0)
      faraday-net_http (~> 1.0)
      multipart-post (>= 1.2, < 3)
      ruby2_keywords
    faraday-http-cache (2.2.0)
      faraday (>= 0.8)
    faraday-net_http (1.0.1)
    faraday_middleware (1.0.0)
      faraday (~> 1.0)
    little-plugger (1.1.4)
    logging (2.3.0)
      little-plugger (~> 1.1)
      multi_json (~> 1.14)
    multi_json (1.15.0)
    multipart-post (2.1.1)
    mustermann (1.1.1)
      ruby2_keywords (~> 0.0.1)
    rack (2.2.3)
    rack-protection (2.1.0)
      rack
    ruby2_keywords (0.0.4)
    sinatra (2.1.0)
      mustermann (~> 1.0)
      rack (~> 2.2)
      rack-protection (= 2.1.0)
      tilt (~> 2.0)
    tilt (2.0.10)

PLATFORMS
  ruby

DEPENDENCIES
  bandwidth-sdk
  sinatra

BUNDLED WITH
   1.17.3
